PATH
  remote: .
  specs:
    testdata_generater_for_mysql (0.0.1)
      mysql2
      progressbar

GEM
  remote: http://rubygems.org/
  specs:
    mysql2 (0.3.11)
    progressbar (0.11.0)

PLATFORMS
  ruby

DEPENDENCIES
  testdata_generater_for_mysql!
